GEM
  specs:
    httparty (0.14.0)
      multi_xml (>= 0.5.2)
    multi_xml (0.5.5)

PLATFORMS
  ruby

DEPENDENCIES
  httparty

BUNDLED WITH
   1.13.2
